GEM
  remote: http://rubygems.org/
  specs:
    actionmailer (2.3.5)
      actionpack (= 2.3.5)
    actionpack (2.3.5)
      activesupport (= 2.3.5)
      rack (~> 1.0.0)
    activerecord (2.3.5)
      activesupport (= 2.3.5)
    activeresource (2.3.5)
      activesupport (= 2.3.5)
    activesupport (2.3.5)
    cgi_multipart_eof_fix (2.5.0)
    daemons (1.1.0)
    fastthread (1.0.7)
    gem_plugin (0.2.3)
    json (1.4.6)
    lsof (0.3.0)
    mime-types (1.16)
    mongrel (1.1.5)
      cgi_multipart_eof_fix (>= 2.4)
      daemons (>= 1.0.3)
      fastthread (>= 1.0.1)
      gem_plugin (>= 0.2.3)
    net-ssh (2.0.24)
    net-ssh-gateway (1.0.1)
      net-ssh (>= 1.99.1)
    nokogiri (1.4.4)
    rack (1.0.1)
    rack-test (0.5.7)
      rack (>= 1.0)
    rails (2.3.5)
      actionmailer (= 2.3.5)
      actionpack (= 2.3.5)
      activerecord (= 2.3.5)
      activeresource (= 2.3.5)
      activesupport (= 2.3.5)
      rake (>= 0.8.3)
    rake (0.8.7)
    rest-client (1.6.1)
      mime-types (>= 1.16)
    rspec (1.3.1)
    rspec-rails (1.3.3)
      rack (>= 1.0.0)
      rspec (= 1.3.1)
    saucelabs-adapter (0.8.22)
      lsof (>= 0.3.0)
      net-ssh (>= 2.0.12)
      net-ssh-gateway (>= 1.0.1)
      rest-client (>= 1.5.0)
      selenium-client (>= 1.2.17)
    selenium-client (1.2.18)
<<<<<<< HEAD
    webrat (0.6.0)
=======
    webrat (0.7.3)
>>>>>>> cleanup and updates, test-unit and rspec working against latest master of saucelabs-adapter
      nokogiri (>= 1.2.0)
      rack (>= 1.0)
      rack-test (>= 0.5.3)

PLATFORMS
  ruby

DEPENDENCIES
  json
  mongrel
  rails (= 2.3.5)
  rspec (~> 1.3.0)
  rspec-rails (~> 1.3.0)
  saucelabs-adapter (>= 0.8.22)
  selenium-client (= 1.2.18)
  webrat (= 0.7.3)
