GEM
  remote: http://rubygems.org/
  specs:
    actionmailer (2.3.5)
      actionpack (= 2.3.5)
    actionpack (2.3.5)
      activesupport (= 2.3.5)
      rack (~> 1.0.0)
    activerecord (2.3.5)
      activesupport (= 2.3.5)
    activeresource (2.3.5)
      activesupport (= 2.3.5)
    activesupport (2.3.5)
    cgi_multipart_eof_fix (2.5.0)
    daemons (1.1.0)
    diff-lcs (1.1.2)
    fastthread (1.0.7)
    gem_plugin (0.2.3)
    json (1.4.6)
    lsof (0.3.0)
    mime-types (1.16)
    mongrel (1.1.5)
      cgi_multipart_eof_fix (>= 2.4)
      daemons (>= 1.0.3)
      fastthread (>= 1.0.1)
      gem_plugin (>= 0.2.3)
    net-ssh (2.0.23)
    net-ssh-gateway (1.0.1)
      net-ssh (>= 1.99.1)
    nokogiri (1.4.4)
    rack (1.0.1)
    rails (2.3.5)
      actionmailer (= 2.3.5)
      actionpack (= 2.3.5)
      activerecord (= 2.3.5)
      activeresource (= 2.3.5)
      activesupport (= 2.3.5)
      rake (>= 0.8.3)
    rake (0.8.7)
    rest-client (1.6.1)
      mime-types (>= 1.16)
    rspec (2.1.0)
      rspec-core (~> 2.1.0)
      rspec-expectations (~> 2.1.0)
      rspec-mocks (~> 2.1.0)
    rspec-core (2.1.0)
    rspec-expectations (2.1.0)
      diff-lcs (~> 1.1.2)
    rspec-mocks (2.1.0)
    rspec-rails (2.1.0)
      rspec (~> 2.1.0)
    saucelabs-adapter (0.8.22)
      lsof (>= 0.3.0)
      net-ssh (>= 2.0.12)
      net-ssh-gateway (>= 1.0.1)
      rest-client (>= 1.5.0)
      selenium-client (>= 1.2.17)
    selenium-client (1.2.18)
    sqlite3-ruby (1.3.2)
    webrat (0.6.0)
      nokogiri (>= 1.2.0)
      rack (>= 1.0)

PLATFORMS
  ruby

DEPENDENCIES
  json
  mongrel
  rails (= 2.3.5)
  rspec
  rspec-rails
  saucelabs-adapter (>= 0.8.22)
  selenium-client (= 1.2.18)
  sqlite3-ruby
  webrat (= 0.6.0)
